##TITLE=Parameter List
##JCAMPDX=4.24
##DATATYPE=Parameter Values
##ORIGIN= Bruker Medizintechnik GMBH
##OWNER=pvuser
$$ Fri Apr 23 10:15:43 2004 BST (UT+1h)  pvuser
$$ /app/pvm/data/pvuser/nmr/W040293.pr1/16/pdata/1/reco
##$RECO_mode=FT_MODE
##$RECO_inp_order=NO_REORDERING
##$RECO_inp_size=( 2 )
512 240
##$RECO_ft_size=( 2 )
512 256
##$RECO_fov=( 2 )
35.8400 16.8000
##$RECO_size=( 2 )
512 256
##$RECO_offset=( 2, 54 )
0 0 0 0 0 0 0 0 0 0 0 0 0 0 0 0 0 0 0 0 0 0 0 0 0 0 0 0 0 0 0 0 0 0 0 0 0 0 0 
0 0 0 0 0 0 0 0 0 0 0 0 0 0 0 0 0 0 0 0 0 0 0 0 0 0 0 0 0 0 0 0 0 0 0 0 0 0 0 
0 0 0 0 0 0 0 0 0 0 0 0 0 0 0 0 0 0 0 0 0 0 0 0 0 0 0 0 0 0
##$RECO_regrid_mode=NO_REGRID
##$RECO_regrid_offset=0.00
##$RECO_ramp_gap=0.00
##$RECO_ramp_time=0.00
##$RECO_ne_mode=NO_NAV_DATA
##$RECO_ne_dist=NeNoInterleave
##$RECO_ne_dens=NeCorrPerScan
##$RECO_ne_type=NAV_PHASE
##$RECO_ne_vals=( 1, 2 )
0 0
##$RECO_bc_mode=( 2 )
NO_BC NO_BC
##$RECO_bc_start=( 2 )
384 180
##$RECO_bc_len=( 2 )
128 60
##$RECO_dc_offset=( 2 )
0 0
##$RECO_dc_divisor=1
##$RECO_bc_coroff=( 2 )
0.0 0.0
##$RECO_qopts=( 2 )
CONJ_AND_QNEG NO_QOPTS
##$RECO_wdw_mode=( 2 )
NO_WDW NO_WDW
##$RECO_lb=( 2 )
-0.500 -0.500
##$RECO_sw=( 2 )
35714.286 1.000
##$RECO_gb=( 2 )
0.500 0.500
##$RECO_sbs=( 2 )
1.000 1.000
##$RECO_tm1=( 2 )
0.250 0.250
##$RECO_tm2=( 2 )
0.750 0.750
##$RECO_ft_mode=( 2 )
COMPLEX_FT COMPLEX_FFT
##$RECO_pc_mode=( 2 )
NO_PC NO_PC
##$RECO_pc_lin=( 2 )
(0.00, 0.00) (0.00, 0.00)
##$RECO_rotate=( 2, 54 )
0.0000 0.0000 0.0000 0.0000 0.0000 0.0000 0.0000 0.0000 0.0000 0.0000 0.0000 
0.0000 
0.0000 0.0000 0.0000 0.0000 0.0000 0.0000 0.0000 0.0000 0.0000 0.0000 0.0000 
0.0000 
0.0000 0.0000 0.0000 0.0000 0.0000 0.0000 0.0000 0.0000 0.0000 0.0000 0.0000 
0.0000 
0.0000 0.0000 0.0000 0.0000 0.0000 0.0000 0.0000 0.0000 0.0000 0.0000 0.0000 
0.0000 
0.0000 0.0000 0.0000 0.0000 0.0000 0.0000 0.5000 0.5000 0.5000 0.5000 0.5000 
0.5000 
0.5000 0.5000 0.5000 0.5000 0.5000 0.5000 0.5000 0.5000 0.5000 0.5000 0.5000 
0.5000 
0.5000 0.5000 0.5000 0.5000 0.5000 0.5000 0.5000 0.5000 0.5000 0.5000 0.5000 
0.5000 
0.5000 0.5000 0.5000 0.5000 0.5000 0.5000 0.5000 0.5000 0.5000 0.5000 0.5000 
0.5000 
0.5000 0.5000 0.5000 0.5000 0.5000 0.5000 0.5000 0.5000 0.5000 0.5000 0.5000 
0.5000

##$RECO_ppc_mode=NO_PPC
##$RECO_ref_image=0
##$RECO_nr_supports=0.4
##$RECO_sig_threshold=0.15
##$RECO_ppc_degree=1
##$RECO_ppc_coeffs=( 54, 2, 2 )
0 0 0 0 0 0 0 0 0 0 0 0 0 0 0 0 0 0 0 0 0 0 0 0 0 0 0 0 0 0 0 0 0 0 0 0 0 0 0 
0 0 0 0 0 0 0 0 0 0 0 0 0 0 0 0 0 0 0 0 0 0 0 0 0 0 0 0 0 0 0 0 0 0 0 0 0 0 0 
0 0 0 0 0 0 0 0 0 0 0 0 0 0 0 0 0 0 0 0 0 0 0 0 0 0 0 0 0 0 0 0 0 0 0 0 0 0 0 
0 0 0 0 0 0 0 0 0 0 0 0 0 0 0 0 0 0 0 0 0 0 0 0 0 0 0 0 0 0 0 0 0 0 0 0 0 0 0 
0 0 0 0 0 0 0 0 0 0 0 0 0 0 0 0 0 0 0 0 0 0 0 0 0 0 0 0 0 0 0 0 0 0 0 0 0 0 0 
0 0 0 0 0 0 0 0 0 0 0 0 0 0 0 0 0 0 0 0 0
##$RECO_dc_elim=No
##$RECO_transposition=( 54 )
1 1 1 1 1 1 1 1 1 1 1 1 1 1 1 1 1 1 1 1 1 1 1 1 1 1 1 1 1 1 1 1 1 1 1 1 1 1 1 
1 1 1 1 1 1 1 1 1 1 1 1 1 1 1
##$RECO_image_type=MAGNITUDE_IMAGE
##$RECO_image_threshold=0.15
##$RECO_ir_scale=10
##$RECO_wordtype=_16BIT_SGN_INT
##$RECO_map_mode=PERCENTILE_MAPPING
##$RECO_map_range=( 2 )
-2.14748e+09 2.14748e+09
##$RECO_map_percentile=( 2 )
1 99.999
##$RECO_map_error=0.00025
##$RECO_globex=( 54 )
0 0 0 0 0 0 0 0 0 0 0 0 0 0 0 0 0 0 0 0 0 0 0 0 0 0 0 0 0 0 0 0 0 0 0 0 0 0 0 
0 0 0 0 0 0 0 0 0 0 0 0 0 0 0
##$RECO_minima=( 54 )
61 61 61 61 61 61 61 61 61 61 61 61 61 61 61 61 61 61 61 61 61 61 61 61 61 61 
61 61 61 61 61 61 61 61 61 61 61 61 61 61 61 61 61 61 61 61 61 61 61 61 61 61 
61 61
##$RECO_maxima=( 54 )
32767 27971 32767 25189 32767 30073 32767 30753 32767 32767 32767 31455 32767 
31936 32767 32767 32767 29734 29791 31013 32688 32653 27796 27880 28470 30068 
28357 30164 27520 28985 26375 28237 23081 26129 21275 21929 20290 21864 19809 
21315 18911 19684 18020 19172 16948 18221 15873 17460 15064 15672 12904 14342 
14220 12888
##$RECO_map_min=( 54 )
-539855.5 -539855.5 -539855.5 -539855.5 -539855.5 -539855.5 -539855.5 
-539855.5 
-539855.5 -539855.5 -539855.5 -539855.5 -539855.5 -539855.5 -539855.5 
-539855.5 
-539855.5 -539855.5 -539855.5 -539855.5 -539855.5 -539855.5 -539855.5 
-539855.5 
-539855.5 -539855.5 -539855.5 -539855.5 -539855.5 -539855.5 -539855.5 
-539855.5 
-539855.5 -539855.5 -539855.5 -539855.5 -539855.5 -539855.5 -539855.5 
-539855.5 
-539855.5 -539855.5 -539855.5 -539855.5 -539855.5 -539855.5 -539855.5 
-539855.5 
-539855.5 -539855.5 -539855.5 -539855.5 -539855.5 -539855.5
##$RECO_map_max=( 54 )
539855.5 539855.5 539855.5 539855.5 539855.5 539855.5 539855.5 539855.5 
539855.5 
539855.5 539855.5 539855.5 539855.5 539855.5 539855.5 539855.5 539855.5 
539855.5 
539855.5 539855.5 539855.5 539855.5 539855.5 539855.5 539855.5 539855.5 
539855.5 
539855.5 539855.5 539855.5 539855.5 539855.5 539855.5 539855.5 539855.5 
539855.5 
539855.5 539855.5 539855.5 539855.5 539855.5 539855.5 539855.5 539855.5 
539855.5 
539855.5 539855.5 539855.5 539855.5 539855.5 539855.5 539855.5 539855.5 
539855.5

##$RECO_map_offset=( 54 )
0 0 0 0 0 0 0 0 0 0 0 0 0 0 0 0 0 0 0 0 0 0 0 0 0 0 0 0 0 0 0 0 0 0 0 0 0 0 0 
0 0 0 0 0 0 0 0 0 0 0 0 0 0 0
##$RECO_map_slope=( 54 )
0.0606959 0.0606959 0.0606959 0.0606959 0.0606959 0.0606959 0.0606959 
0.0606959 
0.0606959 0.0606959 0.0606959 0.0606959 0.0606959 0.0606959 0.0606959 
0.0606959 
0.0606959 0.0606959 0.0606959 0.0606959 0.0606959 0.0606959 0.0606959 
0.0606959 
0.0606959 0.0606959 0.0606959 0.0606959 0.0606959 0.0606959 0.0606959 
0.0606959 
0.0606959 0.0606959 0.0606959 0.0606959 0.0606959 0.0606959 0.0606959 
0.0606959 
0.0606959 0.0606959 0.0606959 0.0606959 0.0606959 0.0606959 0.0606959 
0.0606959 
0.0606959 0.0606959 0.0606959 0.0606959 0.0606959 0.0606959
##$RECO_byte_order=bigEndian
##$RECO_time=( 24 )
<10:09:27 23 Apr 2004>
##$RECO_abs_time=1082711367
##$RECO_base_image_uid=( 65 )
<2.16.756.5.5.14.3232235805.1082711712.444594>
##$GS_reco_display=Yes
##$GS_image_type=MAGNITUDE_IMAGE
##$GO_reco_display=Yes
##$GO_reco_each_nr=No
##$GO_max_reco_mem=0
##END=
