##TITLE=Parameter List
##JCAMPDX=4.24
##DATATYPE=Parameter Values
##ORIGIN= Bruker Medizintechnik GMBH
##OWNER=pvuser
$$ Fri Apr 23 10:15:43 2004 BST (UT+1h)  pvuser
$$ /app/pvm/data/pvuser/nmr/W040293.pr1/16/acqp
##$PULPROG=( 16 )
<msme_tomo.ppg>
##$GRDPROG=( 16 )
<msme_tomo>
##$ACQ_experiment_mode=SingleExperiment
##$ACQ_n_experiments=1
##$ACQ_experiments=( 1 )
(</app/pvm/data/pvuser/nmr/W040293.pr1/16/pdata/1>, 1, 1, 1)
##$ACQ_user_filter=No
##$ACQ_DS_enabled=No
##$ACQ_dim=2
##$ACQ_dim_desc=( 2 )
Spatial Spatial
##$ACQ_size=( 2 )
1024 240
##$ACQ_ns_list_size=2
##$ACQ_ns=1
##$ACQ_ns_list=( 2 )
1 1
##$ACQ_phase_factor=5
##$ACQ_scan_size=One_scan
##$NI=54
##$NA=1
##$NAE=1
##$NR=1
##$DS=1
##$D=( 32 )
0.001275074 0.006291000 0.000915000 0.001000000 0.000125000 0.000000000 
0.000000000 
0.000000000 0.000150000 0.000000000 0.001000000 0.000000000 0.000000000 
0.000000000 
0.000000000 0.000000000 0.000000000 0.000000000 0.000000000 0.000000000 
0.001400074 
0.000125000 0.000000000 0.000000000 0.000000000 0.000000000 0.000000000 
0.000000000 
0.000000000 0.000000000 0.000000000 0.000000000
##$P=( 32 )
0 3584 3584 0 0 0 0 0 0 0 0 0 0 0 0 0 0 0 0 0 0 0 0 0 0 0 0 0 0 0 0 0
##$PL=( 32 )
0 120 120 0 0 0 0 0 0 0 0 0 0 0 0 0 0 0 0 0 0 0 0 0 0 0 0 0 0 0 0 0
##$TPQQ=( 8 )
(<gauss>, 17.7868, 0) (<gauss>, 13.0868, 0) (<mdeft_half_sech>, 150, 0) (<
gauss
>, 150, 0) (<>, 150, 0) (<>, 150, 0) (<sech>, 150, 0) (<>, 150, 0)
##$DPQQ=( 8 )
(<>, 50, 0) (<>, 0, 0) (<>, 0, 0) (<>, 0, 0) (<>, 0, 0) (<>, 0, 0) (<>, 0, 0) 
(<>, 0, 0)
##$SW_h=35714.29
##$SW=284.512
##$FW=625000.00
##$RG=146.614
##$AQ_mod=qdig
##$DR=18
##$PAPS=CP
##$PH_ref=0
##$ACQ_BF_enable=Yes
##$BF1=125.5282664
##$SFO1=125.5282664
##$O1=0.000000
##$ACQ_O1_list_size=27
##$ACQ_O1_list=( 27 )
10672.942636 11922.942636 13172.942636 14422.942636 15672.942636 16922.942636 
18172.942636 19422.942636 20672.942636 21922.942636 23172.942636 24422.942636 
25672.942636 26922.942636 11297.942636 12547.942636 13797.942636 15047.942636 
16297.942636 17547.942636 18797.942636 20047.942636 21297.942636 22547.942636 
23797.942636 25047.942636 26297.942636
##$ACQ_O1B_list_size=27
##$ACQ_O1B_list=( 27 )
-1406.970496 -1406.970496 -1406.970496 -1406.970496 -1406.970496 -1406.970496 
-1406.970496 -1406.970496 -1406.970496 -1406.970496 -1406.970496 -1406.970496 
-1406.970496 -1406.970496 -1406.970496 -1406.970496 -1406.970496 -1406.970496 
-1406.970496 -1406.970496 -1406.970496 -1406.970496 -1406.970496 -1406.970496 
-1406.970496 -1406.970496 -1406.970496
##$BF2=125.5282664
##$SFO2=125.5282664
##$O2=0.000000
##$ACQ_O2_list_size=1
##$ACQ_O2_list=( 1 )
0.000000
##$BF3=125.5282664
##$SFO3=125.5282664
##$O3=0.000000
##$ACQ_O3_list_size=1
##$ACQ_O3_list=( 1 )
0.000000
##$BF4=125.5288490
##$SFO4=125.5288490
##$O4=0.000000
##$BF5=125.5288490
##$SFO5=125.5288490
##$O5=0.000000
##$BF6=125.5288490
##$SFO6=125.5288490
##$O6=0.000000
##$BF7=125.5288490
##$SFO7=125.5288490
##$O7=0.000000
##$BF8=125.5288490
##$SFO8=125.5288490
##$O8=0.000000
##$NUC1=( 8 )
<1H>
##$NUC2=( 8 )
<off>
##$NUC3=( 8 )
<off>
##$NUC4=( 8 )
<off>
##$NUC5=( 8 )
<off>
##$NUC6=( 8 )
<off>
##$NUC7=( 8 )
<off>
##$NUC8=( 8 )
<off>
##$NUCLEUS=( 8 )
<1H>
##$L=( 32 )
0 0 0 0 0 0 0 0 0 0 0 0 0 0 0 0 0 1 0 0 0 0 0 0 0 0 1 0 0 0 0 0
##$ACQ_vd_list_size=1
##$ACQ_vd_list=( 1 )
0.000100000
##$ACQ_vp_list_size=0
##$ACQ_status=( 20 )
<SK330>
##$ACQ_protocol_location=( 40 )
<current>
##$ACQ_protocol_name=( 40 )
<PD-T2 FSE>
##$ACQ_scan_name=( 64 )
<PD-T2 FSE>
##$ACQ_method=( 20 )
<MSME_TOMO>
##$ACQ_completed=Yes
##$ACQ_scans_completed=0
##$ACQ_nr_completed=1
##$ACQ_total_completed=12960
##$ACQ_word_size=_32_BIT
##$NECHOES=10
##$ACQ_fov=( 2 )
35.84 16.80
##$ACQ_read_ext=1
##$ACQ_slice_angle=( 27 )
-5.00 -5.00 -5.00 -5.00 -5.00 -5.00 -5.00 -5.00 -5.00 -5.00 -5.00 -5.00 -5.00 
-5.00 -5.00 -5.00 -5.00 -5.00 -5.00 -5.00 -5.00 -5.00 -5.00 -5.00 -5.00 -5.00 
-5.00
##$ACQ_slice_orient=Arbitrary_Oblique
##$ACQ_patient_pos=Head_Supine
##$ACQ_read_offset=( 27 )
0.000 0.000 0.000 0.000 0.000 0.000 0.000 0.000 0.000 0.000 0.000 0.000 0.000 
0.000 0.000 0.000 0.000 0.000 0.000 0.000 0.000 0.000 0.000 0.000 0.000 0.000 
0.000
##$ACQ_phase1_offset=( 27 )
0.000 0.000 0.000 0.000 0.000 0.000 0.000 0.000 0.000 0.000 0.000 0.000 0.000 
0.000 0.000 0.000 0.000 0.000 0.000 0.000 0.000 0.000 0.000 0.000 0.000 0.000 
0.000
##$ACQ_phase2_offset=( 27 )
0.000 0.000 0.000 0.000 0.000 0.000 0.000 0.000 0.000 0.000 0.000 0.000 0.000 
0.000 0.000 0.000 0.000 0.000 0.000 0.000 0.000 0.000 0.000 0.000 0.000 0.000 
0.000
##$ACQ_slice_sepn=( 26 )
5.00 5.00 5.00 5.00 5.00 5.00 5.00 5.00 5.00 5.00 5.00 5.00 5.00 5.00 5.00 
5.00 
5.00 5.00 5.00 5.00 5.00 5.00 5.00 5.00 5.00 5.00
##$ACQ_slice_sepn_mode=Equidistant
##$ACQ_slice_thick=4.000
##$ACQ_slice_offset=( 27 )
-76.000 -71.000 -66.000 -61.000 -56.000 -51.000 -46.000 -41.000 -36.000 
-31.000 
-26.000 -21.000 -16.000 -11.000 -6.000 -1.000 4.000 9.000 14.000 19.000 
24.000 
29.000 34.000 39.000 44.000 49.000 54.000
##$ACQ_obj_order=( 54 )
0 1 4 5 8 9 12 13 16 17 20 21 24 25 28 29 32 33 36 37 40 41 44 45 48 49 52 53 
2 3 6 7 10 11 14 15 18 19 22 23 26 27 30 31 34 35 38 39 42 43 46 47 50 51
##$ACQ_flip_angle=0
##$ACQ_flipback=Yes
##$ACQ_echo_time=( 2 )
20.000 120.000
##$ACQ_inter_echo_time=( 1 )
20.000
##$ACQ_recov_time=( 1 )
6055.72
##$ACQ_repetition_time=( 1 )
6275.72
##$ACQ_scan_time=0
##$ACQ_inversion_time=( 1 )
0.000
##$ACQ_time=( 24 )
<10:09:27 23 Apr 2004>
##$ACQ_abs_time=1082711367
##$ACQ_operator=( 16 )
<pvuser>
##$ACQ_transmitter_coil=( 16 )
<Code: 10>
##$ACQ_trigger_enable=No
##$ACQ_institution=( 48 )
<Wolfson Brain Imaging Centre>
##$ACQ_station=( 16 )
<MEDSPEC S300>
##$ACQ_sw_version=( 16 )
<PV 2.1.1>
##$ACQ_calib_date=( 24 )
<16:55:08 21 Apr 2004>
##$Coil_operation=Single_Coil
##$BYTORDA=big
##$INSTRUM=( 16 )
<MEDSPEC S300>
##$FQ1LIST=( 16 )
<ACQ_O1_list>
##$FQ2LIST=( 16 )
<ACQ_O2_list>
##$FQ3LIST=( 16 )
<ACQ_O3_list>
##$FQ8LIST=( 16 )
<ACQ_O1B_list>
##$SP=( 16 )
17.7868 13.0868 150 150 150 150 150 150 50 0 0 0 0 0 0 0
##$SPOFFS=( 16 )
0 0 0 0 0 0 0 0 0 0 0 0 0 0 0 0
##$SPNAM0=( 16 )
<gauss>
##$SPNAM1=( 16 )
<gauss>
##$SPNAM2=( 16 )
<mdeft_half_sech>
##$SPNAM3=( 16 )
<gauss>
##$SPNAM4=( 16 )
<>
##$SPNAM5=( 16 )
<>
##$SPNAM6=( 16 )
<sech>
##$SPNAM7=( 16 )
<>
##$SPNAM8=( 16 )
<>
##$SPNAM9=( 16 )
<>
##$SPNAM10=( 16 )
<>
##$SPNAM11=( 16 )
<>
##$SPNAM12=( 16 )
<>
##$SPNAM13=( 16 )
<>
##$SPNAM14=( 16 )
<>
##$SPNAM15=( 16 )
<>
##$HPPRGN=normal
##$LOCNUC=( 8 )
<off>
##$SOLVENT=( 16 )
<>
##$DIGMOD=digital_mode
##$DIGTYP=_HADC_HRD16_2
##$DQDMODE=DQDMODE_sub
##$DSPFIRM=DSP_medium
##$DECIM=16
##$DSPFVS=15
##$ACQ_scan_shift=-28
##$DE=6.0000000
##$FCUCHAN=( 10 )
0 1 0 0 0 0 0 0 0 0
##$RSEL=( 10 )
0 2 0 0 0 0 0 0 0 0
##$SWIBOX=( 16 )
0 0 3 3 0 0 0 0 0 0 0 0 0 0 0 0
##$PRECHAN=( 16 )
5 5 5 2 5 5 5 5 5 5 5 5 5 5 5 5
##$OBSCHAN=( 10 )
0 1 0 0 0 0 0 0 0 0
##$ACQ_2nd_preamp=No_Second_Preamp
##$ACQ_n_trim=30
##$ACQ_trim=( 30, 3 )
7.56527 7.56527 7.56527 11.7015 11.7015 11.7015 21.8442 21.8442 21.8442 
19.4961 
19.4961 19.4961 0 0 0 0 0 0 0 0 0 0 0 0 0 0 0 0 0 0 0 0 0 0 0 0 59.2654 
59.2654 
59.2654 -59.2654 -59.2654 -59.2654 0 0 0 0 0 0 0 0 0 0 0 0 0 0 0 0 0 0 
9.48987 
9.48987 9.48987 0.973726 0.973726 0.973726 24.4559 24.4559 24.4559 27.4014 
27.4014 
27.4014 9.48987 9.48987 9.48987 0 0 0 0 0 0 0 0 0 0 0 0 3.48678e-306 
3.48678e-306 
3.48678e-306
##$ACQ_scaling_read=0.0757
##$ACQ_scaling_phase=0.0757
##$ACQ_scaling_slice=0.0949
##$ACQ_grad_matrix=( 27, 3, 3 )
0 0.996195 -0.0871557 1 0 0 0 0.0871557 0.996195 0 0.996195 -0.0871557 1 0 0 
0 
0.0871557 0.996195 0 0.996195 -0.0871557 1 0 0 0 0.0871557 0.996195 0 
0.996195 
-0.0871557 1 0 0 0 0.0871557 0.996195 0 0.996195 -0.0871557 1 0 0 0 0.0871557 
0.996195 0 0.996195 -0.0871557 1 0 0 0 0.0871557 0.996195 0 0.996195 
-0.0871557 
1 0 0 0 0.0871557 0.996195 0 0.996195 -0.0871557 1 0 0 0 0.0871557 0.996195 0 
0.996195 -0.0871557 1 0 0 0 0.0871557 0.996195 0 0.996195 -0.0871557 1 0 0 0 
0.0871557 
0.996195 0 0.996195 -0.0871557 1 0 0 0 0.0871557 0.996195 0 0.996195 
-0.0871557 
1 0 0 0 0.0871557 0.996195 0 0.996195 -0.0871557 1 0 0 0 0.0871557 0.996195 0 
0.996195 -0.0871557 1 0 0 0 0.0871557 0.996195 0 0.996195 -0.0871557 1 0 0 0 
0.0871557 
0.996195 0 0.996195 -0.0871557 1 0 0 0 0.0871557 0.996195 0 0.996195 
-0.0871557 
1 0 0 0 0.0871557 0.996195 0 0.996195 -0.0871557 1 0 0 0 0.0871557 0.996195 0 
0.996195 -0.0871557 1 0 0 0 0.0871557 0.996195 0 0.996195 -0.0871557 1 0 0 0 
0.0871557 
0.996195 0 0.996195 -0.0871557 1 0 0 0 0.0871557 0.996195 0 0.996195 
-0.0871557 
1 0 0 0 0.0871557 0.996195 0 0.996195 -0.0871557 1 0 0 0 0.0871557 0.996195 0 
0.996195 -0.0871557 1 0 0 0 0.0871557 0.996195 0 0.996195 -0.0871557 1 0 0 0 
0.0871557 
0.996195 0 0.996195 -0.0871557 1 0 0 0 0.0871557 0.996195 0 0.996195 
-0.0871557 
1 0 0 0 0.0871557 0.996195
##$NSLICES=27
##$ACQ_rare_factor=5
##$ACQ_phase_encoding_mode=( 2 )
Read Rare
##$ACQ_phase_enc_start=( 2 )
0.00 -0.20
##$GS_dim=1
##$GS_disp_update=Each_PE_Step
##$GS_steady_state=Yes
##$GS_online_reco=Yes
##$GS_reco_display=Yes
##$GS_image_type=MAGNITUDE_IMAGE
##$GS_typ=Spectrometer_Parameters
##$GS_auto_name=( 32 )
<AUTO_scan_rg>
##$GS_info_receiver_offset=Yes
##$GS_info_dig_filling=Yes
##$GS_info_normalized_area=Of_raw_data
##$GS_info_max_point=Of_raw_data
##$GS_get_info_points=No_info
##$GS_continue=Start_gop
##$GO_init_files=No
##$GO_data_save=Yes
##$GO_disp_update=Each_Accum
##$GO_online_reco=Yes
##$GO_reco_display=Yes
##$GO_reco_each_nr=No
##$GO_max_reco_mem=0
##$GO_time_est=Yes
##$GO_use_macro=No
##END=
