##TITLE=Parameter List
##JCAMPDX=4.24
##DATATYPE=Parameter Values
##ORIGIN= Bruker Medizintechnik GMBH
##OWNER=pvuser
$$ Fri Apr 23 10:02:14 2004 BST (UT+1h)  pvuser
$$ /app/pvm/data/pvuser/nmr/W040293.pr1/13/pdata/1/reco
##$RECO_mode=FT_MODE
##$RECO_inp_order=NO_REORDERING
##$RECO_inp_size=( 3 )
256 64 64
##$RECO_ft_size=( 3 )
256 64 64
##$RECO_fov=( 3 )
25.6000 25.6000 25.6000
##$RECO_size=( 3 )
256 64 64
##$RECO_offset=( 3, 1 )
0 0 0
##$RECO_regrid_mode=NO_REGRID
##$RECO_regrid_offset=0.00
##$RECO_ramp_gap=0.00
##$RECO_ramp_time=0.00
##$RECO_ne_mode=NO_NAV_DATA
##$RECO_ne_dist=NeNoInterleave
##$RECO_ne_dens=NeCorrPerScan
##$RECO_ne_type=NAV_PHASE
##$RECO_ne_vals=( 1, 2 )
0 0
##$RECO_bc_mode=( 3 )
NO_BC NO_BC NO_BC
##$RECO_bc_start=( 3 )
192 48 48
##$RECO_bc_len=( 3 )
64 16 16
##$RECO_dc_offset=( 2 )
0 0
##$RECO_dc_divisor=1
##$RECO_bc_coroff=( 3 )
0.0 0.0 0.0
##$RECO_qopts=( 3 )
CONJ_AND_QNEG NO_QOPTS NO_QOPTS
##$RECO_wdw_mode=( 3 )
NO_WDW NO_WDW NO_WDW
##$RECO_lb=( 3 )
-0.500 -0.500 -0.500
##$RECO_sw=( 3 )
24038.462 1.000 1.000
##$RECO_gb=( 3 )
0.500 0.500 0.500
##$RECO_sbs=( 3 )
1.000 1.000 1.000
##$RECO_tm1=( 3 )
0.250 0.250 0.250
##$RECO_tm2=( 3 )
0.750 0.750 0.750
##$RECO_ft_mode=( 3 )
COMPLEX_FFT COMPLEX_FFT COMPLEX_FFT
##$RECO_pc_mode=( 3 )
NO_PC NO_PC NO_PC
##$RECO_pc_lin=( 3 )
(0.00, 0.00) (0.00, 0.00) (0.00, 0.00)
##$RECO_rotate=( 3, 1 )
0.0000 0.5000 0.8750
##$RECO_ppc_mode=NO_PPC
##$RECO_ref_image=0
##$RECO_nr_supports=0.4
##$RECO_sig_threshold=0.15
##$RECO_ppc_degree=1
##$RECO_ppc_coeffs=( 1, 3, 2 )
0 0 0 0 0 0
##$RECO_dc_elim=No
##$RECO_transposition=( 1 )
1
##$RECO_image_type=MAGNITUDE_IMAGE
##$RECO_image_threshold=0.15
##$RECO_ir_scale=10
##$RECO_wordtype=_16BIT_SGN_INT
##$RECO_map_mode=PERCENTILE_MAPPING
##$RECO_map_range=( 2 )
-2.14748e+09 2.14748e+09
##$RECO_map_percentile=( 2 )
1 99.999
##$RECO_map_error=0.00025
##$RECO_globex=( 1 )
0
##$RECO_minima=( 1 )
10
##$RECO_maxima=( 1 )
32767
##$RECO_map_min=( 1 )
-2318732.75
##$RECO_map_max=( 1 )
2318732.75
##$RECO_map_offset=( 1 )
0
##$RECO_map_slope=( 1 )
0.0141314
##$RECO_byte_order=bigEndian
##$RECO_time=( 24 )
<09:59:49 23 Apr 2004>
##$RECO_abs_time=1082710789
##$RECO_base_image_uid=( 65 )
<2.16.756.5.5.14.3232235805.1082710930.274764>
##$GS_reco_display=Yes
##$GS_image_type=MAGNITUDE_IMAGE
##$GO_reco_display=Yes
##$GO_reco_each_nr=No
##$GO_max_reco_mem=0
##END=
